GEM
  remote: https://rubygems.org/
  specs:
    ast (2.4.0)
    aws-eventstream (1.0.3)
    aws-partitions (1.167.0)
    aws-sdk-cloudformation (1.22.0)
      aws-sdk-core (~> 3, >= 3.53.0)
      aws-sigv4 (~> 1.1)
    aws-sdk-core (3.53.1)
      aws-eventstream (~> 1.0, >= 1.0.2)
      aws-partitions (~> 1.0)
      aws-sigv4 (~> 1.1)
      jmespath (~> 1.0)
    aws-sdk-dynamodb (1.29.0)
      aws-sdk-core (~> 3, >= 3.53.0)
      aws-sigv4 (~> 1.1)
    aws-sdk-ec2 (1.87.0)
      aws-sdk-core (~> 3, >= 3.53.0)
      aws-sigv4 (~> 1.1)
    aws-sdk-kms (1.21.0)
      aws-sdk-core (~> 3, >= 3.53.0)
      aws-sigv4 (~> 1.1)
    aws-sdk-lambda (1.26.0)
      aws-sdk-core (~> 3, >= 3.53.0)
      aws-sigv4 (~> 1.1)
    aws-sdk-s3 (1.40.0)
      aws-sdk-core (~> 3, >= 3.53.0)
      aws-sdk-kms (~> 1)
      aws-sigv4 (~> 1.0)
    aws-sdk-sqs (1.16.0)
      aws-sdk-core (~> 3, >= 3.53.0)
      aws-sigv4 (~> 1.1)
    aws-sigv4 (1.1.0)
      aws-eventstream (~> 1.0, >= 1.0.2)
    cfn-model (0.1.35)
      kwalify (= 0.7.2)
    cfn-nag (0.3.93)
      cfn-model (= 0.1.35)
      jmespath (~> 1.3.1)
      logging (~> 2.2.2)
      netaddr (~> 1.5.1)
      trollop (~> 2.1.2)
    crossing (0.2.1)
      aws-sdk-s3
      trollop
    docker-api (1.34.2)
      excon (>= 0.47.0)
      multi_json
    excon (0.64.0)
    jaro_winkler (1.5.2)
    jmespath (1.3.1)
    keystore (0.3.0)
      aws-sdk-dynamodb
      aws-sdk-kms
      trollop (~> 2)
    kwalify (0.7.2)
    little-plugger (1.1.4)
    logging (2.2.2)
      little-plugger (~> 1.1)
      multi_json (~> 1.10)
    minimal_pipeline (0.3.1)
      aws-sdk-cloudformation
      aws-sdk-ec2
      aws-sdk-lambda
      aws-sdk-s3
      aws-sdk-sqs
      crossing (~> 0.1)
      docker-api (= 1.34.2)
      keystore (~> 0.2)
      packer-config (= 1.6.3)
      rubyzip (= 1.2.2)
    multi_json (1.13.1)
    netaddr (1.5.1)
    packer-config (1.6.3)
    parallel (1.17.0)
    parser (2.6.3.0)
      ast (~> 2.4.0)
    rainbow (3.0.0)
    rake (12.3.2)
    rubocop (0.70.0)
      jaro_winkler (~> 1.5.1)
      parallel (~> 1.10)
      parser (>= 2.6)
      rainbow (>= 2.2.2, < 4.0)
      ruby-progressbar (~> 1.7)
      unicode-display_width (>= 1.4.0, < 1.7)
    rubocop-performance (1.3.0)
      rubocop (>= 0.68.0)
    ruby-progressbar (1.10.0)
    rubyzip (1.2.2)
    trollop (2.1.3)
    unicode-display_width (1.6.0)

PLATFORMS
  ruby

DEPENDENCIES
  cfn-nag
  minimal_pipeline
  rake
  rubocop
  rubocop-performance

BUNDLED WITH
   2.0.1
